GEM
  remote: https://rubygems.org/
  specs:
    coderay (1.1.2)
    faraday (0.14.0)
      multipart-post (>= 1.2, < 3)
    httparty (0.16.0)
      multi_xml (>= 0.5.2)
    jwt (2.1.0)
    method_source (0.9.0)
    mini_portile2 (2.3.0)
    multi_xml (0.6.0)
    multipart-post (2.0.0)
    nokogiri (1.8.2)
      mini_portile2 (~> 2.3.0)
    pry (0.11.3)
      coderay (~> 1.1.0)
      method_source (~> 0.9.0)
    twilio-ruby (5.6.4)
      faraday (~> 0.9)
      jwt (>= 1.5, <= 2.5)
      nokogiri (>= 1.6, < 2.0)

PLATFORMS
  ruby

DEPENDENCIES
  httparty!
  nokogiri!
  pry!
  twilio-ruby (~> 5.6.4)!

BUNDLED WITH
   1.16.1
